PATH
  remote: ../..
  specs:
    akasha (0.2.0)
      http_event_store

GEM
  remote: https://rubygems.org/
  specs:
    faraday (0.15.2)
      multipart-post (>= 1.2, < 3)
    faraday_middleware (0.12.2)
      faraday (>= 0.7.4, < 1.0)
    hashie (3.5.7)
    http_event_store (0.2.2)
      faraday
      faraday_middleware
      hashie
      json
    json (2.1.0)
    multipart-post (2.0.0)
    mustermann (1.0.2)
    rack (2.0.5)
    rack-protection (2.0.2)
      rack
    sinatra (2.0.2)
      mustermann (~> 1.0)
      rack (~> 2.0)
      rack-protection (= 2.0.2)
      tilt (~> 2.0)
    tilt (2.0.8)

PLATFORMS
  ruby

DEPENDENCIES
  akasha!
  sinatra (~> 2, > 2.0.1)

BUNDLED WITH
   1.16.2
