PATH
  remote: ../..
  specs:
    akasha (0.2.0)
      corefines (~> 1.11)
      faraday (~> 0.15)
      faraday_middleware
      rack (~> 2.0)
      retries (~> 0.0)
      typhoeus (~> 1.3)

GEM
  remote: https://rubygems.org/
  specs:
    corefines (1.11.0)
    ethon (0.11.0)
      ffi (>= 1.3.0)
    faraday (0.15.2)
      multipart-post (>= 1.2, < 3)
    faraday_middleware (0.12.2)
      faraday (>= 0.7.4, < 1.0)
    ffi (1.9.25)
    multipart-post (2.0.0)
    mustermann (1.0.2)
    rack (2.0.5)
    rack-protection (2.0.2)
      rack
    retries (0.0.5)
    sinatra (2.0.2)
      mustermann (~> 1.0)
      rack (~> 2.0)
      rack-protection (= 2.0.2)
      tilt (~> 2.0)
    tilt (2.0.8)
    typhoeus (1.3.0)
      ethon (>= 0.9.0)

PLATFORMS
  ruby

DEPENDENCIES
  akasha!
  sinatra (~> 2, > 2.0.1)

BUNDLED WITH
   1.16.2
